GIT
  remote: https://github.com/Zaid-Programming-Language/zaid-lang.git
  revision: 49747f44c0429f3694644fc43401c3808f661196
  specs:
    zaid (0.0.1)

GEM
  remote: https://rubygems.org/
  specs:
    js (2.6.2)
    racc (1.8.1)
    ruby_wasm (2.6.2)
    ruby_wasm (2.6.2-aarch64-linux)
    ruby_wasm (2.6.2-aarch64-linux-musl)
    ruby_wasm (2.6.2-arm64-darwin)
    ruby_wasm (2.6.2-x86_64-darwin)
    ruby_wasm (2.6.2-x86_64-linux)
    ruby_wasm (2.6.2-x86_64-linux-musl)

PLATFORMS
  aarch64-linux
  aarch64-linux-musl
  arm64-darwin
  ruby
  x86_64-darwin
  x86_64-linux
  x86_64-linux-musl

DEPENDENCIES
  js (~> 2.6)
  racc (~> 1.8)
  ruby_wasm (~> 2.6)
  zaid!

BUNDLED WITH
   2.5.21
